GEM
  remote: http://rubygems.org/
  specs:
    backports (3.6.8)
    erubis (2.7.0)
    minitest (5.10.1)
    multi_json (1.12.1)
    pdf-core (0.7.0)
    prawn (2.2.2)
      pdf-core (~> 0.7.0)
      ttfunk (~> 1.5)
    rack (1.6.5)
    rack-protection (1.5.3)
      rack
    rack-test (0.6.3)
      rack (>= 1.0)
    sequel (4.44.0)
    sinatra (1.4.7)
      rack (~> 1.5)
      rack-protection (~> 1.4)
      tilt (>= 1.3, < 3)
    sinatra-contrib (1.4.7)
      backports (>= 2.0)
      multi_json
      rack-protection
      rack-test
      sinatra (~> 1.4.0)
      tilt (>= 1.3, < 3)
    tilt (2.0.6)
    ttfunk (1.5.0)

PLATFORMS
  ruby

DEPENDENCIES
  erubis
  minitest
  prawn
  sequel
  sinatra
  sinatra-contrib

BUNDLED WITH
   1.14.6
